GEM
  remote: http://rubygems.org/
  specs:
    yajl-ruby (1.1.0-x86-mingw32)

PLATFORMS
  x86-mingw32

DEPENDENCIES
  yajl-ruby
